GEM
  remote: https://rubygems.org/
  specs:
    aws-sdk (1.8.0)
      httparty (~> 0.7)
      json (~> 1.4)
      nokogiri (>= 1.4.4)
      uuidtools (~> 2.1)
    coderay (1.0.9)
    dotenv (0.7.0)
    foreman (0.63.0)
      dotenv (>= 0.7)
      thor (>= 0.13.6)
    haml (4.0.3)
      tilt
    httparty (0.9.0)
      multi_json (~> 1.0)
      multi_xml
    json (1.7.7)
    method_source (0.8.1)
    multi_json (1.7.2)
    multi_xml (0.5.1)
    nokogiri (1.5.9)
    pry (0.9.12)
      coderay (~> 1.0.5)
      method_source (~> 0.8)
      slop (~> 3.4)
    rack (1.4.5)
    rake (10.0.4)
    sass (3.2.9)
    slop (3.4.4)
    thor (0.18.1)
    tilt (1.4.1)
    uuidtools (2.1.3)

PLATFORMS
  ruby

DEPENDENCIES
  aws-sdk
  foreman
  haml
  pry
  rack
  rake
  sass
